GEM
  remote: https://rubygems.org/
  specs:
    diff-lcs (1.2.5)
    gosu (0.9.2)
    gosu_texture_packer (0.1.6)
      gosu
      json
    gosu_tiled (0.1.1)
      gosu
      json
    json (1.8.3)
    mini_portile (0.6.2)
    nokogiri (1.6.6.2)
      mini_portile (~> 0.6.0)
    opengl (0.9.2)
    perlin_noise (0.1.2)
    rake (10.4.2)
    rspec (3.0.0)
      rspec-core (~> 3.0.0)
      rspec-expectations (~> 3.0.0)
      rspec-mocks (~> 3.0.0)
    rspec-core (3.0.4)
      rspec-support (~> 3.0.0)
    rspec-expectations (3.0.4)
      diff-lcs (>= 1.2.0, < 2.0)
      rspec-support (~> 3.0.0)
    rspec-mocks (3.0.4)
      rspec-support (~> 3.0.0)
    rspec-support (3.0.4)
    ruby-prof (0.15.8)

PLATFORMS
  ruby

DEPENDENCIES
  gosu
  gosu_texture_packer
  gosu_tiled
  nokogiri
  opengl
  perlin_noise
  rake
  rspec (~> 3.0.0)
  ruby-prof
